PATH
  remote: .
  specs:
    powify (0.8.6)
      json

GEM
  remote: http://rubygems.org/
  specs:
    json (1.7.5)

PLATFORMS
  ruby

DEPENDENCIES
  powify!
